GEM
  remote: https://rubygems.org/
  specs:
    RedCloth (4.2.9)
    chunky_png (1.2.9)
    classifier (1.3.4)
      fast-stemmer (>= 1.0.0)
    coderay (1.1.0)
    columnize (0.3.6)
    compass (0.12.2)
      chunky_png (~> 1.2)
      fssm (>= 0.2.7)
      sass (~> 3.1)
    debugger (1.6.5)
      columnize (>= 0.3.1)
      debugger-linecache (~> 1.2.0)
      debugger-ruby_core_source (~> 1.3.1)
    debugger-linecache (1.2.0)
    debugger-ruby_core_source (1.3.1)
    diff-lcs (1.2.5)
    directory_watcher (1.4.1)
    faraday (0.8.9)
      multipart-post (~> 1.2.0)
    faraday_middleware (0.9.0)
      faraday (>= 0.7.4, < 0.9)
    fast-stemmer (1.0.2)
    fssm (0.2.10)
    haml (3.1.8)
    jekyll (0.12.1)
      classifier (~> 1.3)
      directory_watcher (~> 1.1)
      kramdown (~> 0.14)
      liquid (~> 2.3)
      maruku (~> 0.5)
      pygments.rb (~> 0.3.2)
    kramdown (0.14.2)
    liquid (2.3.0)
    maruku (0.7.1)
    method_source (0.8.2)
    multipart-post (1.2.0)
    posix-spawn (0.3.8)
    pry (0.9.12.4)
      coderay (~> 1.0)
      method_source (~> 0.8)
      slop (~> 3.4)
    pry-debugger (0.2.2)
      debugger (~> 1.3)
      pry (~> 0.9.10)
    pygments.rb (0.3.7)
      posix-spawn (~> 0.3.6)
      yajl-ruby (~> 1.1.0)
    rack (1.5.2)
    rack-protection (1.5.2)
      rack
    rake (0.9.6)
    rb-fsevent (0.9.4)
    rdiscount (2.0.7.3)
    rspec (2.14.1)
      rspec-core (~> 2.14.0)
      rspec-expectations (~> 2.14.0)
      rspec-mocks (~> 2.14.0)
    rspec-core (2.14.7)
    rspec-expectations (2.14.4)
      diff-lcs (>= 1.1.3, < 2.0)
    rspec-mocks (2.14.4)
    rubypants (0.2.0)
    sass (3.2.13)
    sass-globbing (1.0.0)
      sass (>= 3.1)
    sinatra (1.4.4)
      rack (~> 1.4)
      rack-protection (~> 1.4)
      tilt (~> 1.3, >= 1.3.4)
    slop (3.4.7)
    stringex (1.4.0)
    tilt (1.4.1)
    vcr (2.8.0)
    yajl-ruby (1.1.0)

PLATFORMS
  ruby

DEPENDENCIES
  RedCloth (~> 4.2.9)
  compass (~> 0.12.2)
  directory_watcher (= 1.4.1)
  faraday
  faraday_middleware
  haml (~> 3.1.7)
  jekyll (~> 0.12)
  liquid (~> 2.3.0)
  pry
  pry-debugger
  pygments.rb (~> 0.3.4)
  rake (~> 0.9)
  rb-fsevent (~> 0.9)
  rdiscount (~> 2.0.7)
  rspec
  rubypants (~> 0.2.0)
  sass (~> 3.2)
  sass-globbing (~> 1.0.0)
  sinatra (~> 1.4.2)
  stringex (~> 1.4.0)
  vcr
